GIT
  remote: https://github.com/fazibear/colorize
  revision: 526654c6d7dfc5483b70184d06b994eba8359514
  specs:
    colorize (0.8.1)

GEM
  remote: https://rubygems.org/
  specs:
    coderay (1.1.3)
    httparty (0.18.1)
      mime-types (~> 3.0)
      multi_xml (>= 0.5.2)
    json (2.5.1)
    method_source (1.0.0)
    mime-types (3.3.1)
      mime-types-data (~> 3.2015)
    mime-types-data (3.2021.0225)
    multi_xml (0.6.0)
    open-uri (0.1.0)
    pastel (0.8.0)
      tty-color (~> 0.5)
    pry (0.14.0)
      coderay (~> 1.1)
      method_source (~> 1.0)
    require_all (3.0.0)
    tty-color (0.6.0)
    tty-font (0.5.0)

PLATFORMS
  x86_64-linux

DEPENDENCIES
  colorize!
  httparty
  json
  open-uri
  pastel
  pry
  require_all
  tty-font (~> 0.5.0)

BUNDLED WITH
   2.2.11
